GIT
  remote: https://github.com/camdub/fitgem.git
  revision: bcccc91ccfa61ac44da1729c618c00f6c744fbe9
  specs:
    fitgem (0.8.0)
      oauth

GEM
  remote: https://rubygems.org/
  specs:
    bourbon (3.1.8)
      sass (>= 3.2.0)
      thor
    daemons (1.1.9)
    dotenv (0.8.0)
    eventmachine (1.0.3)
    foreman (0.63.0)
      dotenv (>= 0.7)
      thor (>= 0.13.6)
    gon-sinatra (0.1.0)
      sinatra
    haml (4.0.3)
      tilt
    hike (1.2.3)
    multi_json (1.7.8)
    neat (1.3.0)
      bourbon (>= 2.1)
      sass (>= 3.2)
    oauth (0.4.7)
    rack (1.5.2)
    rack-protection (1.5.0)
      rack
    redis (3.0.4)
    sass (3.2.10)
    shotgun (0.9)
      rack (>= 1.0)
    sinatra (1.4.3)
      rack (~> 1.4)
      rack-protection (~> 1.4)
      tilt (~> 1.3, >= 1.3.4)
    sprockets (2.10.0)
      hike (~> 1.2)
      multi_json (~> 1.0)
      rack (~> 1.0)
      tilt (~> 1.1, != 1.3.0)
    sprockets-helpers (1.0.1)
      sprockets (~> 2.0)
    sprockets-sass (1.0.1)
      sprockets (~> 2.0)
      tilt (~> 1.1)
    thin (1.5.1)
      daemons (>= 1.0.9)
      eventmachine (>= 0.12.6)
      rack (>= 1.0.0)
    thor (0.18.1)
    tilt (1.4.1)

PLATFORMS
  ruby

DEPENDENCIES
  bourbon
  fitgem!
  foreman
  gon-sinatra
  haml
  neat
  redis
  sass
  shotgun
  sinatra
  sprockets
  sprockets-helpers
  sprockets-sass
  thin
